PATH
  remote: .
  specs:
    jobrunner (0.0.1.pre.PRE)
      rufus-scheduler
      sinatra
      tzinfo-data

GEM
  remote: https://rubygems.org/
  specs:
    et-orbi (1.1.0)
      tzinfo
    minitest (5.11.3)
    mustermann (3.0.0)
      ruby2_keywords (~> 0.0.1)
    rack (2.2.4)
    rack-protection (3.0.4)
      rack
    rake (10.5.0)
    ruby2_keywords (0.0.5)
    rufus-scheduler (3.4.2)
      et-orbi (~> 1.0)
    sinatra (3.0.4)
      mustermann (~> 3.0)
      rack (~> 2.2, >= 2.2.4)
      rack-protection (= 3.0.4)
      tilt (~> 2.0)
    thread_safe (0.3.6)
    tilt (2.0.11)
    tzinfo (1.2.5)
      thread_safe (~> 0.1)
    tzinfo-data (1.2018.4)
      tzinfo (>= 1.0.0)

PLATFORMS
  ruby

DEPENDENCIES
  bundler (~> 1.11)
  jobrunner!
  minitest (~> 5.0)
  rake (~> 10.0)

BUNDLED WITH
   2.1.4
